GEM
  remote: https://rubygems.org/
  specs:
    backports (3.6.4)
    builder (3.2.2)
    multi_json (1.10.1)
    power_assert (0.2.2)
    rack (1.6.0)
    rack-protection (1.5.3)
      rack
    rack-test (0.6.3)
      rack (>= 1.0)
    rdiscount (2.1.8)
    sinatra (1.4.5)
      rack (~> 1.4)
      rack-protection (~> 1.4)
      tilt (~> 1.3, >= 1.3.4)
    sinatra-contrib (1.4.2)
      backports (>= 2.0)
      multi_json
      rack-protection
      rack-test
      sinatra (~> 1.4.0)
      tilt (~> 1.3)
    test-unit (3.0.8)
      power_assert
    tilt (1.4.1)

PLATFORMS
  ruby

DEPENDENCIES
  builder
  rack-test
  rdiscount
  sinatra
  sinatra-contrib
  test-unit
